GIT
  remote: git://github.com/capistrano/symfony.git
  revision: b0d7009c70b0677c3d8af759ab6c612bb5893024
  branch: master
  specs:
    capistrano-symfony (1.0.0.rc2)
      capistrano (~> 3.1)
      capistrano-composer (~> 0.0.3)
      capistrano-file-permissions (~> 1.0)

GEM
  remote: https://rubygems.org/
  specs:
    airbrussh (1.3.0)
      sshkit (>= 1.6.1, != 1.7.0)
    capistrano (3.9.0)
      airbrussh (>= 1.0.0)
      i18n
      rake (>= 10.0.0)
      sshkit (>= 1.9.0)
    capistrano-composer (0.0.6)
      capistrano (>= 3.0.0.pre)
    capistrano-file-permissions (1.0.0)
      capistrano (~> 3.0)
    capistrano-npm (1.0.2)
      capistrano (>= 3.0.0)
    i18n (0.8.6)
    net-scp (1.2.1)
      net-ssh (>= 2.6.5)
    net-ssh (4.1.0)
    rake (12.0.0)
    sshkit (1.14.0)
      net-scp (>= 1.1.2)
      net-ssh (>= 2.8.0)

PLATFORMS
  ruby

DEPENDENCIES
  capistrano
  capistrano-npm
  capistrano-symfony!

BUNDLED WITH
   1.15.1
